GEM
  remote: https://rubygems.org/
  specs:
    debase (0.2.1)
      debase-ruby_core_source
    debase-ruby_core_source (0.10.2)
    rake (12.3.0)
    ruby-debug-ide (0.6.0)
      rake (>= 0.8.1)

PLATFORMS
  x64-mingw32

DEPENDENCIES
  debase
  ruby-debug-ide

BUNDLED WITH
   1.16.1
